GEM
  remote: https://rubygems.org/
  remote: https://packages.shopify.io/shopify/gems/
  specs:
    ast (2.4.0)
    jaro_winkler (1.5.4)
    parallel (1.18.0)
    parser (2.6.5.0)
      ast (~> 2.4.0)
    rainbow (3.0.0)
    rubocop (0.76.0)
      jaro_winkler (~> 1.5.1)
      parallel (~> 1.10)
      parser (>= 2.6)
      rainbow (>= 2.2.2, < 4.0)
      ruby-progressbar (~> 1.7)
      unicode-display_width (>= 1.4.0, < 1.7)
    rubocop-performance (1.5.0)
      rubocop (>= 0.71.0)
    ruby-progressbar (1.10.1)
    shopify-cops (0.0.22)
      rubocop (~> 0.53)
    sorbet (0.4.5015)
      sorbet-static (= 0.4.5015)
    sorbet-static (0.4.5015-universal-darwin-14)
    unicode-display_width (1.6.0)

PLATFORMS
  ruby

DEPENDENCIES
  rubocop
  rubocop-performance
  shopify-cops!
  sorbet (~> 0.4.4891)

BUNDLED WITH
   1.17.3
